GEM
  remote: http://rubygems.org/
  specs:
    chunky_png (0.12.0)
    compass (0.11.beta.2)
      chunky_png (~> 0.12.0)
      sass (>= 3.1.0.alpha.218)
    sass (3.1.0.alpha.221)

PLATFORMS
  ruby

DEPENDENCIES
  compass (= 0.11.beta.2)
