GEM
  remote: http://rubygems.org/
  specs:
    addressable (2.2.4)
    chunky_png (0.12.0)
    compass (0.11.beta.2)
      chunky_png (~> 0.12.0)
      sass (>= 3.1.0.alpha.218)
    configuration (1.2.0)
    em-websocket (0.2.0)
      addressable (>= 2.1.1)
      eventmachine (>= 0.12.9)
    eventmachine (0.12.10)
    guard (0.3.0)
      open_gem (~> 1.4.2)
      thor (~> 0.14.6)
    guard-livereload (0.1.7)
      em-websocket (~> 0.2.0)
      guard (>= 0.2.2)
      json (~> 1.4.6)
    guard-shell (0.1.1)
      guard (>= 0.2.0)
    json (1.4.6)
    launchy (0.3.7)
      configuration (>= 0.0.5)
      rake (>= 0.8.1)
    open_gem (1.4.2)
      launchy (~> 0.3.5)
    rake (0.8.7)
    rb-fsevent (0.3.10)
    sass (3.1.0.alpha.221)
    thor (0.14.6)

PLATFORMS
  ruby

DEPENDENCIES
  compass (= 0.11.beta.2)
  guard-livereload
  guard-shell
  rb-fsevent
